GEM
  remote: http://rubygems.org/
  specs:
    daemons (1.1.2)
    eventmachine (0.12.10)
    oauth (0.4.4)
    rack (1.2.2)
    sinatra (1.2.6)
      rack (~> 1.1)
      tilt (< 2.0, >= 1.2.2)
    thin (1.2.7)
      daemons (>= 1.0.9)
      eventmachine (>= 0.12.6)
      rack (>= 1.0.0)
    tilt (1.3)

PLATFORMS
  ruby

DEPENDENCIES
  oauth
  sinatra
  thin
