GEM
  remote: https://rubygems.org/
  specs:
    json (1.5.1)
    oauth (0.4.4)
    puma (2.11.1)
      rack (>= 1.1, < 2.0)
    rack (1.2.2)
    sinatra (1.2.6)
      rack (~> 1.1)
      tilt (>= 1.2.2, < 2.0)
    tilt (1.3)

PLATFORMS
  ruby

DEPENDENCIES
  json
  oauth
  puma
  sinatra
